GEM
  remote: https://rubygems.org/
  specs:
    erubis (2.7.0)
    mustermann (1.0.2)
    pg (1.0.0)
    rack (2.0.5)
    rack-protection (2.0.1)
      rack
    sequel (5.7.1)
    sequel_pg (1.8.1)
      pg (>= 0.18.0)
      sequel (>= 4.34.0)
    sinatra (2.0.1)
      mustermann (~> 1.0)
      rack (~> 2.0)
      rack-protection (= 2.0.1)
      tilt (~> 2.0)
    tilt (2.0.8)

PLATFORMS
  ruby

DEPENDENCIES
  bundler
  erubis
  pg
  sequel
  sequel_pg
  sinatra

BUNDLED WITH
   1.16.1
